GEM
  remote: http://rubygems.org/
  specs:
    bio (1.4.2)
    git (1.2.5)
    jeweler (1.5.2)
      bundler (~> 1.0.0)
      git (>= 1.2.5)
      rake
    rake (0.9.2)
    rcov (0.9.10)
    shoulda (2.11.3)
    thor (0.14.6)

PLATFORMS
  ruby

DEPENDENCIES
  bio (>= 1.4)
  bundler (~> 1.0.0)
  jeweler (~> 1.5.2)
  rcov
  shoulda
  thor (>= 0.14.6)
